GEM
  specs:
    sass (3.4.7)

PLATFORMS
  ruby

DEPENDENCIES
  sass
